GEM
  remote: https://rubygems.org/
  specs:
    ast (2.4.2)
    daemons (1.4.0)
    eventmachine (1.2.7)
    minitest (5.14.4)
    parallel (1.20.1)
    parser (3.0.1.1)
      ast (~> 2.4.1)
    rack (2.2.3)
    rack-test (1.1.0)
      rack (>= 1.0, < 3)
    rainbow (3.0.0)
    rake (13.0.3)
    redis (4.2.5)
    regexp_parser (2.1.1)
    rexml (3.2.5)
    rubocop (1.15.0)
      parallel (~> 1.10)
      parser (>= 3.0.0.0)
      rainbow (>= 2.2.2, < 4.0)
      regexp_parser (>= 1.8, < 3.0)
      rexml
      rubocop-ast (>= 1.5.0, < 2.0)
      ruby-progressbar (~> 1.7)
      unicode-display_width (>= 1.4.0, < 3.0)
    rubocop-ast (1.5.0)
      parser (>= 3.0.1.1)
    ruby-progressbar (1.11.0)
    thin (1.0.0)
      daemons (>= 1.0.9)
      eventmachine (>= 0.12.0)
      rack (>= 0.3.0)
    unicode-display_width (2.0.0)

PLATFORMS
  x86_64-darwin-19

DEPENDENCIES
  minitest (~> 5.0)
  rack (~> 2.2.3)
  rack-test (~> 1.1.0)
  rake (~> 13.0)
  redis (~> 4.2.5)
  rubocop (~> 1.7)
  thin (~> 1.0.0)

BUNDLED WITH
   2.2.15
